PATH
  remote: .
  specs:
    icu_tournament (1.9.4)
      dbf (~> 2.0)
      icu_name (~> 1.2)
      icu_utils (~> 1.2)
      rubyzip (~> 1.1)

GEM
  remote: https://rubygems.org/
  specs:
    dbf (2.0.8)
      fastercsv (~> 1.5.4)
    diff-lcs (1.2.5)
    fastercsv (1.5.5)
    icu_name (1.2.3)
    icu_utils (1.2.2)
    json (1.8.2)
    rake (10.4.2)
    rdoc (4.2.0)
      json (~> 1.4)
    rspec (3.2.0)
      rspec-core (~> 3.2.0)
      rspec-expectations (~> 3.2.0)
      rspec-mocks (~> 3.2.0)
    rspec-core (3.2.1)
      rspec-support (~> 3.2.0)
    rspec-expectations (3.2.0)
      diff-lcs (>= 1.2.0, < 2.0)
      rspec-support (~> 3.2.0)
    rspec-mocks (3.2.1)
      diff-lcs (>= 1.2.0, < 2.0)
      rspec-support (~> 3.2.0)
    rspec-support (3.2.2)
    rubyzip (1.1.7)

PLATFORMS
  ruby

DEPENDENCIES
  bundler (~> 1.8)
  icu_tournament!
  rake (~> 10.4)
  rdoc (~> 4.2)
  rspec (~> 3.2)
