PATH
  remote: .
  specs:
    icu_tournament (1.2.6)
      dbf (~> 1.2.5)
      icu_name (>= 0.0.7)
      rubyzip (~> 0.9.4)

GEM
  remote: http://rubygems.org/
  specs:
    activesupport (3.0.3)
    dbf (1.2.9)
      activesupport (>= 2.3.5)
      fastercsv (>= 1.4.0)
    diff-lcs (1.1.2)
    fastercsv (1.5.4)
    i18n (0.5.0)
    icu_name (0.0.7)
      activesupport (>= 3.0.3)
      i18n (>= 0.5.0)
    rspec (2.4.0)
      rspec-core (~> 2.4.0)
      rspec-expectations (~> 2.4.0)
      rspec-mocks (~> 2.4.0)
    rspec-core (2.4.0)
    rspec-expectations (2.4.0)
      diff-lcs (~> 1.1.2)
    rspec-mocks (2.4.0)
    rubyzip (0.9.4)

PLATFORMS
  ruby

DEPENDENCIES
  dbf (~> 1.2.5)
  icu_name (>= 0.0.7)
  icu_tournament!
  rspec (~> 2.4)
  rubyzip (~> 0.9.4)
