PATH
  remote: .
  specs:
    icu_tournament (1.2.1)
      dbf (>= 1.2.5)
      icu_name (>= 0.0.2)
      inifile (>= 0.3.0)
      rubyzip (>= 0.9.4)

GEM
  remote: http://rubygems.org/
  specs:
    activesupport (3.0.3)
    dbf (1.5.2)
      activesupport (~> 3.0.0)
      fastercsv (= 1.5.3)
      i18n (~> 0.4.2)
    diff-lcs (1.1.2)
    fastercsv (1.5.3)
    i18n (0.4.2)
    icu_name (0.0.2)
    inifile (0.3.0)
    rspec (2.3.0)
      rspec-core (~> 2.3.0)
      rspec-expectations (~> 2.3.0)
      rspec-mocks (~> 2.3.0)
    rspec-core (2.3.1)
    rspec-expectations (2.3.0)
      diff-lcs (~> 1.1.2)
    rspec-mocks (2.3.0)
    rubyzip (0.9.4)

PLATFORMS
  ruby

DEPENDENCIES
  dbf (>= 1.2.5)
  icu_name (>= 0.0.2)
  icu_tournament!
  inifile (>= 0.3.0)
  rspec (>= 2.3.0)
  rubyzip (>= 0.9.4)
