PATH
  remote: .
  specs:
    icu_tournament (1.4.1)
      dbf (~> 1.2.5)
      icu_name (>= 1.0.0)
      rubyzip (~> 0.9.4)

GEM
  remote: http://rubygems.org/
  specs:
    ZenTest (4.4.2)
    activesupport (3.0.4)
    autotest-fsevent (0.2.4)
      sys-uname
    autotest-growl (0.2.9)
    dbf (1.2.9)
      activesupport (>= 2.3.5)
      fastercsv (>= 1.4.0)
    diff-lcs (1.1.2)
    fastercsv (1.5.4)
    i18n (0.5.0)
    icu_name (1.0.0)
      activesupport (>= 3.0.3)
      i18n (>= 0.5.0)
    rspec (2.5.0)
      rspec-core (~> 2.5.0)
      rspec-expectations (~> 2.5.0)
      rspec-mocks (~> 2.5.0)
    rspec-core (2.5.1)
    rspec-expectations (2.5.0)
      diff-lcs (~> 1.1.2)
    rspec-mocks (2.5.0)
    rubyzip (0.9.4)
    sys-uname (0.8.5)

PLATFORMS
  ruby

DEPENDENCIES
  ZenTest (~> 4.4.2)
  autotest-fsevent (~> 0.2.4)
  autotest-growl (~> 0.2.9)
  dbf (~> 1.2.5)
  icu_name (>= 1.0.0)
  icu_tournament!
  rspec (~> 2.5)
  rubyzip (~> 0.9.4)
