PATH
  remote: .
  specs:
    icu_tournament (1.6.8)
      dbf
      icu_name
      rubyzip

GEM
  remote: http://rubygems.org/
  specs:
    activesupport (3.2.9)
      i18n (~> 0.6)
      multi_json (~> 1.0)
    dbf (2.0.3)
      fastercsv (~> 1.5.4)
    diff-lcs (1.1.3)
    fastercsv (1.5.5)
    i18n (0.6.1)
    icu_name (1.0.14)
      activesupport
      i18n
    json (1.7.5)
    multi_json (1.4.0)
    rake (10.0.2)
    rdoc (3.12)
      json (~> 1.4)
    rspec (2.12.0)
      rspec-core (~> 2.12.0)
      rspec-expectations (~> 2.12.0)
      rspec-mocks (~> 2.12.0)
    rspec-core (2.12.1)
    rspec-expectations (2.12.0)
      diff-lcs (~> 1.1.3)
    rspec-mocks (2.12.0)
    rubyzip (0.9.9)

PLATFORMS
  ruby

DEPENDENCIES
  bundler
  icu_tournament!
  rake
  rdoc
  rspec
