PATH
  remote: .
  specs:
    icu_tournament (1.6.9)
      dbf
      icu_name
      rubyzip

GEM
  remote: https://rubygems.org/
  specs:
    activesupport (3.2.12)
      i18n (~> 0.6)
      multi_json (~> 1.0)
    dbf (2.0.3)
      fastercsv (~> 1.5.4)
    diff-lcs (1.2.4)
    fastercsv (1.5.5)
    i18n (0.6.4)
    icu_name (1.0.15)
      activesupport
      i18n
    json (1.8.0)
    multi_json (1.7.5)
    rake (10.0.4)
    rdoc (4.0.1)
      json (~> 1.4)
    rspec (2.13.0)
      rspec-core (~> 2.13.0)
      rspec-expectations (~> 2.13.0)
      rspec-mocks (~> 2.13.0)
    rspec-core (2.13.1)
    rspec-expectations (2.13.0)
      diff-lcs (>= 1.1.3, < 2.0)
    rspec-mocks (2.13.1)
    rubyzip (0.9.9)

PLATFORMS
  ruby

DEPENDENCIES
  bundler
  icu_tournament!
  rake
  rdoc
  rspec
