PATH
  remote: .
  specs:
    icu_tournament (1.8.1)
      dbf
      icu_name
      icu_utils
      rubyzip

GEM
  remote: https://rubygems.org/
  specs:
    dbf (2.0.6)
      fastercsv (~> 1.5.4)
    diff-lcs (1.2.4)
    fastercsv (1.5.5)
    icu_name (1.2.2)
    icu_utils (1.0.0)
    json (1.8.0)
    rake (10.1.0)
    rdoc (4.0.1)
      json (~> 1.4)
    rspec (2.14.1)
      rspec-core (~> 2.14.0)
      rspec-expectations (~> 2.14.0)
      rspec-mocks (~> 2.14.0)
    rspec-core (2.14.5)
    rspec-expectations (2.14.2)
      diff-lcs (>= 1.1.3, < 2.0)
    rspec-mocks (2.14.3)
    rubyzip (1.1.0)

PLATFORMS
  ruby

DEPENDENCIES
  bundler
  icu_tournament!
  rake
  rdoc
  rspec
